NUGET
  remote: https://www.powershellgallery.com/api/v2
    InvokeBuild (5.5.11) - clitool: true
    Pester (4.10.1) - clitool: true
    PSScriptAnalyzer (1.18.3) - clitool: true
