NUGET
  remote: https://www.powershellgallery.com/api/v2
    InvokeBuild (5.7.0) - clitool: true
    Pester (4.10.1) - clitool: true
    PSScriptAnalyzer (1.19.1) - clitool: true
